GEM
  specs:
    ansi (1.4.3)
    builder (3.0.0)
    hashie (1.2.0)
    minitest (3.3.0)
    minitest-reporters (0.10.1)
      ansi
      builder
      minitest (>= 2.12, < 4.0)
      powerbar
    powerbar (1.0.8)
      ansi (~> 1.4.0)
      hashie (>= 1.1.0)
    rake (0.9.2.2)

PLATFORMS
  ruby

DEPENDENCIES
  minitest
  minitest-reporters (>= 0.5.0)
  rake
